GEM
  remote: http://rubygems.org/
  specs:
    dalli (2.6.0)
    faraday (0.8.4)
      multipart-post (~> 1.1)
    github_api (0.8.4)
      faraday (~> 0.8.1)
      hashie (~> 1.2.0)
      multi_json (~> 1.4)
      nokogiri (~> 1.5.2)
      oauth2
    hashie (1.2.0)
    httpauth (0.2.0)
    jwt (0.1.5)
      multi_json (>= 1.0)
    kgio (2.7.4)
    multi_json (1.5.0)
    multipart-post (1.1.5)
    nokogiri (1.5.6)
    nokogiri (1.5.6-java)
    oauth2 (0.8.0)
      faraday (~> 0.8)
      httpauth (~> 0.1)
      jwt (~> 0.1.4)
      multi_json (~> 1.0)
      rack (~> 1.2)
    rack (1.4.1)
    rack-protection (1.3.2)
      rack
    raindrops (0.10.0)
    sinatra (1.3.3)
      rack (~> 1.3, >= 1.3.6)
      rack-protection (~> 1.2)
      tilt (~> 1.3, >= 1.3.3)
    slim (1.3.5)
      temple (~> 0.5.5)
      tilt (~> 1.3.3)
    temple (0.5.5)
    tilt (1.3.3)
    unicorn (4.5.0)
      kgio (~> 2.6)
      rack
      raindrops (~> 0.7)

PLATFORMS
  java
  ruby

DEPENDENCIES
  dalli
  github_api
  sinatra
  slim
  unicorn
